PATH
  remote: .
  specs:
    resque_coalmine (0.0.1)
      builder (= 3.0.4)
      coalmine (= 0.5.3)
      resque (= 1.23.0)

GEM
  remote: https://rubygems.org/
  specs:
    activesupport (3.2.9)
      i18n (~> 0.6)
      multi_json (~> 1.0)
    builder (3.0.4)
    coalmine (0.5.3)
      jsonbuilder
    diff-lcs (1.1.3)
    guard (1.4.0)
      listen (>= 0.4.2)
      thor (>= 0.14.6)
    guard-rspec (2.1.0)
      guard (>= 1.1)
      rspec (~> 2.11)
    i18n (0.6.1)
    jsonbuilder (0.3.1)
      activesupport (>= 2.3.2)
    listen (0.6.0)
    metaclass (0.0.1)
    mocha (0.12.0)
      metaclass (~> 0.0.1)
    multi_json (1.5.0)
    rack (1.4.1)
    rack-protection (1.3.1)
      rack
    rake (0.9.2.2)
    rb-fsevent (0.9.1)
    redis (3.0.2)
    redis-namespace (1.2.1)
      redis (~> 3.0.0)
    resque (1.23.0)
      multi_json (~> 1.0)
      redis-namespace (~> 1.0)
      sinatra (>= 0.9.2)
      vegas (~> 0.1.2)
    rspec (2.11.0)
      rspec-core (~> 2.11.0)
      rspec-expectations (~> 2.11.0)
      rspec-mocks (~> 2.11.0)
    rspec-core (2.11.1)
    rspec-expectations (2.11.3)
      diff-lcs (~> 1.1.3)
    rspec-mocks (2.11.3)
    sinatra (1.3.3)
      rack (~> 1.3, >= 1.3.6)
      rack-protection (~> 1.2)
      tilt (~> 1.3, >= 1.3.3)
    thor (0.16.0)
    tilt (1.3.3)
    vegas (0.1.11)
      rack (>= 1.0.0)

PLATFORMS
  ruby

DEPENDENCIES
  guard (= 1.4.0)
  guard-rspec (= 2.1.0)
  mocha (= 0.12.0)
  rake (= 0.9.2.2)
  rb-fsevent (= 0.9.1)
  resque_coalmine!
  rspec (= 2.11.0)
